GEM
  remote: http://rubygems.org/
  specs:
    highline (1.7.10)

PLATFORMS
  ruby

DEPENDENCIES
  bundler (~> 1.7)
  highline

BUNDLED WITH
   1.16.0
